GEM
  remote: https://rubygems.org/
  specs:
    bson (1.8.6)
    bson_ext (1.8.6)
      bson (~> 1.8.6)
    cool.io (1.1.1)
      iobuffer (>= 1.0.0)
    fluent-logger (0.4.7)
      msgpack (>= 0.4.4, < 0.6.0, != 0.5.3, != 0.5.2, != 0.5.1, != 0.5.0)
      yajl-ruby (~> 1.0)
    fluent-plugin-mongo (0.7.2)
      fluentd (~> 0.10.9)
      mongo (~> 1.8.0)
    fluentd (0.10.43)
      cool.io (~> 1.1.1)
      http_parser.rb (~> 0.5.1)
      json (>= 1.4.3)
      msgpack (>= 0.4.4, < 0.6.0, != 0.5.3, != 0.5.2, != 0.5.1, != 0.5.0)
      sigdump (~> 0.2.2)
      yajl-ruby (~> 1.0)
    http_parser.rb (0.5.3)
    iobuffer (1.1.2)
    json (1.8.1)
    mongo (1.8.6)
      bson (~> 1.8.6)
    msgpack (0.5.8)
    sigdump (0.2.2)
    yajl-ruby (1.2.0)

PLATFORMS
  ruby

DEPENDENCIES
  bson_ext (= 1.8.6)
  fluent-logger
  fluent-plugin-mongo
  fluentd
